GEM
  remote: http://rubygems.org/
  specs:
    crack (0.1.8)
    diff-lcs (1.1.2)
    mime-types (1.16)
    rake (0.8.7)
    rcov (0.9.8)
    rest-client (1.6.0)
      mime-types (>= 1.16)
    rr (1.0.0)
    rspec (2.0.0.beta.19)
      rspec-core (= 2.0.0.beta.19)
      rspec-expectations (= 2.0.0.beta.19)
      rspec-mocks (= 2.0.0.beta.19)
    rspec-core (2.0.0.beta.19)
    rspec-expectations (2.0.0.beta.19)
      diff-lcs (>= 1.1.2)
    rspec-mocks (2.0.0.beta.19)
    thor (0.14.0)

PLATFORMS
  ruby

DEPENDENCIES
  crack
  rake
  rcov
  rest-client
  rr
  rspec (~> 2.0.0.beta.19)
  thor
