GEM
  remote: http://rubygems.org/
  specs:
    diff-lcs (1.1.2)
    mime-types (1.16)
    parka (0.1.2)
      rest-client
      thor
    rake (0.8.7)
    rcov (0.9.8)
    rest-client (1.6.0)
      mime-types (>= 1.16)
    rspec (2.0.0.beta.19)
      rspec-core (= 2.0.0.beta.19)
      rspec-expectations (= 2.0.0.beta.19)
      rspec-mocks (= 2.0.0.beta.19)
    rspec-core (2.0.0.beta.19)
    rspec-expectations (2.0.0.beta.19)
      diff-lcs (>= 1.1.2)
    rspec-mocks (2.0.0.beta.19)
    thor (0.14.0)

PLATFORMS
  ruby

DEPENDENCIES
  parka
  rake
  rcov
  rest-client
  rspec (~> 2.0.0.beta.19)
  thor
