GEM
  remote: http://rubygems.org/
  specs:
    crack (0.1.8)
    diff-lcs (1.1.2)
    mime-types (1.16)
    rake (0.8.7)
    rcov (0.9.8)
    rest-client (1.6.0)
      mime-types (>= 1.16)
    rr (1.0.0)
    rspec (2.5.0)
      rspec-core (~> 2.5.0)
      rspec-expectations (~> 2.5.0)
      rspec-mocks (~> 2.5.0)
    rspec-core (2.5.1)
    rspec-expectations (2.5.0)
      diff-lcs (~> 1.1.2)
    rspec-mocks (2.5.0)
    thor (0.14.0)

PLATFORMS
  ruby

DEPENDENCIES
  crack
  rake
  rcov
  rest-client
  rr
  rspec
  thor
