PATH
  remote: .
  specs:
    parka (0.7.2)
      crack (~> 0.3.0)
      psych (~> 1.2.1)
      rest-client (~> 1.6.7)
      thor (~> 0.14.6)

GEM
  remote: http://rubygems.org/
  specs:
    crack (0.3.0)
    diff-lcs (1.1.2)
    mime-types (1.16)
    psych (1.2.1)
    rake (0.8.7)
    rcov (0.9.8)
    rest-client (1.6.7)
      mime-types (>= 1.16)
    rr (1.0.0)
    rspec (2.5.0)
      rspec-core (~> 2.5.0)
      rspec-expectations (~> 2.5.0)
      rspec-mocks (~> 2.5.0)
    rspec-core (2.5.1)
    rspec-expectations (2.5.0)
      diff-lcs (~> 1.1.2)
    rspec-mocks (2.5.0)
    thor (0.14.6)

PLATFORMS
  ruby

DEPENDENCIES
  parka!
  rake
  rcov
  rr
  rspec
